GEM
  remote: http://rubygems.org/
  specs:
    activesupport (3.0.4)
    diff-lcs (1.1.2)
    rack (1.2.1)
    rack-test (0.5.7)
      rack (>= 1.0)
    rake (0.8.7)
    rspec-core (2.5.1)
    rspec-expectations (2.5.0)
      diff-lcs (~> 1.1.2)
    rspec-mocks (2.5.0)
    sinatra (1.1.2)
      rack (~> 1.1)
      tilt (~> 1.2)
    tilt (1.2.2)

PLATFORMS
  ruby

DEPENDENCIES
  activesupport
  rack-test
  rake
  rspec-core (~> 2)
  rspec-expectations (>= 1.3)
  rspec-mocks (~> 2)
  sinatra
